GIT
  remote: https://github.com/HomeBusProjects/ruby-homebus
  revision: 661869af13158790a1cb6aa71357c9c3926c85bb
  branch: main
  specs:
    homebus (0.30.1)
      mqtt (~> 0.5.0)

GEM
  remote: https://rubygems.org/
  specs:
    dotenv (2.7.6)
    mqtt (0.5.0)

PLATFORMS
  ruby

DEPENDENCIES
  dotenv
  homebus (>= 0.30.1)!
  mqtt

BUNDLED WITH
   2.3.18
